GEM
  remote: https://rubygems.org/
  specs:
    cowsay (0.3.0)

PLATFORMS
  ruby

DEPENDENCIES
  cowsay

BUNDLED WITH
   1.16.1
